GEM
  remote: https://rubygems.org/
  specs:
    builder (3.2.0)
    coderay (1.0.9)
    diff-lcs (1.2.4)
    distance_measures (0.0.6)
    gsl (1.15.3)
      narray (>= 0.5.9)
    k_means (0.0.7)
      distance_measures (>= 0.0.0)
    kdtree (0.3)
    method_source (0.8.1)
    narray (0.6.0.8)
    pry (0.9.12)
      coderay (~> 1.0.5)
      method_source (~> 0.8)
      slop (~> 3.4)
    rgeo (0.3.20)
    rspec (2.13.0)
      rspec-core (~> 2.13.0)
      rspec-expectations (~> 2.13.0)
      rspec-mocks (~> 2.13.0)
    rspec-core (2.13.1)
    rspec-expectations (2.13.0)
      diff-lcs (>= 1.1.3, < 2.0)
    rspec-mocks (2.13.1)
    slop (3.4.4)

PLATFORMS
  ruby

DEPENDENCIES
  builder
  bundler
  gsl
  k_means
  kdtree
  pry
  rgeo
  rspec
